GEM
  remote: https://rubygems.org/
  specs:
    cinch (2.1.0)
    god (0.13.4)
    hipchat (1.2.0)
      httparty
    httparty (0.13.1)
      json (~> 1.8)
      multi_xml (>= 0.5.2)
    json (1.8.2)
    multi_xml (0.5.5)
    oboe (2.7.14.1)
      json
    rake (10.3.2)

PLATFORMS
  ruby

DEPENDENCIES
  cinch
  god
  hipchat
  oboe
  rake
